GEM
  remote: https://rubygems.org/
  specs:
    awesome_print (1.2.0)
    builder (3.2.2)
    calabash-android (0.5.5)
      awesome_print (~> 1.2.0)
      cucumber (~> 1.3.17)
      escape (~> 0.0.4)
      httpclient (~> 2.3.2)
      json (~> 1.8)
      retriable (~> 1.3.3.1)
      rubyzip (~> 1.1)
      slowhandcuke (~> 0.0.3)
    coderay (1.1.0)
    cucumber (1.3.17)
      builder (>= 2.1.2)
      diff-lcs (>= 1.1.3)
      gherkin (~> 2.12)
      multi_json (>= 1.7.5, < 2.0)
      multi_test (>= 0.1.1)
    diff-lcs (1.2.5)
    escape (0.0.4)
    gherkin (2.12.2)
      multi_json (~> 1.3)
    httpclient (2.3.4.1)
    json (1.8.1)
    method_source (0.8.2)
    multi_json (1.10.1)
    multi_test (0.1.1)
    pry (0.10.1)
      coderay (~> 1.1.0)
      method_source (~> 0.8.1)
      slop (~> 3.4)
    retriable (1.3.3.1)
    rubyzip (1.1.6)
    slop (3.6.0)
    slowhandcuke (0.0.3)
      cucumber

PLATFORMS
  ruby

DEPENDENCIES
  calabash-android
  pry
